GEM
  remote: https://rubygems.org/
  remote: http://gems.github.com/
  specs:
    smarter_csv (1.0.17)

PLATFORMS
  java

DEPENDENCIES
  smarter_csv
