GEM
  remote: https://rubygems.org/
  remote: http://gems.github.com/
  specs:
    activesupport (4.1.6)
      i18n (~> 0.6, >= 0.6.9)
      json (~> 1.7, >= 1.7.7)
      minitest (~> 5.1)
      thread_safe (~> 0.1)
      tzinfo (~> 1.1)
    addressable (2.3.6)
    colorize (0.7.3)
    csvlint (0.0.1)
      activesupport
      addressable
      colorize
      mime-types
      open_uri_redirections
    i18n (0.6.11)
    json (1.8.1-java)
    mime-types (2.4.1)
    minitest (5.4.2)
    open_uri_redirections (0.1.4)
    smarter_csv (1.0.17)
    thread_safe (0.3.4-java)
    tzinfo (1.2.2)
      thread_safe (~> 0.1)

PLATFORMS
  java

DEPENDENCIES
  csvlint
  smarter_csv
